GEM
  specs:
    chunky_png (1.3.3)
    oily_png (1.1.2)
      chunky_png (~> 1.3.1)

PLATFORMS
  x86-mingw32

DEPENDENCIES
  chunky_png
  oily_png
